GIT
  remote: https://github.com/CocoaPods/CocoaPods
  revision: 0ad78fb1734e3cc7e65284fe8f706cac0b56363e
  specs:
    cocoapods (1.7.0.rc.1)
      activesupport (>= 4.0.2, < 5)
      claide (>= 1.0.2, < 2.0)
      cocoapods-core (= 1.7.0.rc.1)
      cocoapods-deintegrate (>= 1.0.3, < 2.0)
      cocoapods-downloader (>= 1.2.2, < 2.0)
      cocoapods-plugins (>= 1.0.0, < 2.0)
      cocoapods-search (>= 1.0.0, < 2.0)
      cocoapods-stats (>= 1.0.0, < 2.0)
      cocoapods-trunk (>= 1.3.1, < 2.0)
      cocoapods-try (>= 1.1.0, < 2.0)
      colored2 (~> 3.1)
      escape (~> 0.0.4)
      fourflusher (>= 2.2.0, < 3.0)
      gh_inspector (~> 1.0)
      molinillo (~> 0.6.6)
      nap (~> 1.0)
      ruby-macho (~> 1.4)
      xcodeproj (>= 1.8.2, < 2.0)

GIT
  remote: https://github.com/CocoaPods/Core
  revision: 021cfd2ef170a995a0d18f52f6f69c830d412232
  specs:
    cocoapods-core (1.7.0.rc.1)
      activesupport (>= 4.0.2, < 6)
      fuzzy_match (~> 2.0.4)
      nap (~> 1.0)

PATH
  remote: .
  specs:
    refinement (0.2.2)
      xcodeproj (>= 1.8.1, < 2)

GEM
  remote: https://rubygems.org/
  specs:
    CFPropertyList (3.0.0)
    activesupport (4.2.11.1)
      i18n (~> 0.7)
      minitest (~> 5.1)
      thread_safe (~> 0.3, >= 0.3.4)
      tzinfo (~> 1.1)
    ast (2.4.0)
    atomos (0.1.3)
    claide (1.0.3)
    cocoapods-deintegrate (1.0.4)
    cocoapods-downloader (1.2.2)
    cocoapods-plugins (1.0.0)
      nap
    cocoapods-search (1.0.0)
    cocoapods-stats (1.1.0)
    cocoapods-trunk (1.3.1)
      nap (>= 0.8, < 2.0)
      netrc (~> 0.11)
    cocoapods-try (1.1.0)
    coderay (1.1.2)
    colored2 (3.1.2)
    concurrent-ruby (1.1.5)
    diff-lcs (1.3)
    escape (0.0.4)
    fourflusher (2.2.0)
    fuzzy_match (2.0.4)
    gh_inspector (1.1.3)
    i18n (0.9.5)
      concurrent-ruby (~> 1.0)
    inch (0.8.0)
      pry
      sparkr (>= 0.2.0)
      term-ansicolor
      yard (~> 0.9.12)
    inch_by_inch (1.0.1)
      inch (~> 0.8.0)
      rake (~> 10.0)
    jaro_winkler (1.5.2)
    method_source (0.9.2)
    minitest (5.11.3)
    molinillo (0.6.6)
    nanaimo (0.2.6)
    nap (1.1.0)
    netrc (0.11.0)
    parallel (1.13.0)
    parser (2.6.0.0)
      ast (~> 2.4.0)
    powerpack (0.1.2)
    pry (0.12.2)
      coderay (~> 1.1.0)
      method_source (~> 0.9.0)
    rainbow (3.0.0)
    rake (10.5.0)
    rspec (3.8.0)
      rspec-core (~> 3.8.0)
      rspec-expectations (~> 3.8.0)
      rspec-mocks (~> 3.8.0)
    rspec-core (3.8.0)
      rspec-support (~> 3.8.0)
    rspec-expectations (3.8.2)
      diff-lcs (>= 1.2.0, < 2.0)
      rspec-support (~> 3.8.0)
    rspec-mocks (3.8.0)
      diff-lcs (>= 1.2.0, < 2.0)
      rspec-support (~> 3.8.0)
    rspec-support (3.8.0)
    rubocop (0.57.2)
      jaro_winkler (~> 1.5.1)
      parallel (~> 1.10)
      parser (>= 2.5)
      powerpack (~> 0.1)
      rainbow (>= 2.2.2, < 4.0)
      ruby-progressbar (~> 1.7)
      unicode-display_width (~> 1.0, >= 1.0.1)
    rubocop-rspec (1.27.0)
      rubocop (>= 0.56.0)
    ruby-macho (1.4.0)
    ruby-progressbar (1.10.0)
    sparkr (0.4.1)
    term-ansicolor (1.7.1)
      tins (~> 1.0)
    thread_safe (0.3.6)
    tins (1.20.2)
    tzinfo (1.2.5)
      thread_safe (~> 0.1)
    unicode-display_width (1.4.1)
    xcodeproj (1.12.0)
      CFPropertyList (>= 2.3.3, < 4.0)
      atomos (~> 0.1.3)
      claide (>= 1.0.2, < 2.0)
      colored2 (~> 3.1)
      nanaimo (~> 0.2.6)
    yard (0.9.16)

PLATFORMS
  ruby

DEPENDENCIES
  cocoapods!
  cocoapods-core!
  inch_by_inch (~> 1.0.1)
  rake (~> 10.0)
  refinement!
  rspec (~> 3.7)
  rubocop (~> 0.57.2)
  rubocop-rspec

BUNDLED WITH
   1.17.3
